GEM
  remote: https://rubygems.org/
  specs:
    CFPropertyList (2.2.8)
    activesupport (4.1.8)
      i18n (~> 0.6, >= 0.6.9)
      json (~> 1.7, >= 1.7.7)
      minitest (~> 5.1)
      thread_safe (~> 0.1)
      tzinfo (~> 1.1)
    addressable (2.3.6)
    byebug (3.5.1)
      columnize (~> 0.8)
      debugger-linecache (~> 1.2)
      slop (~> 3.6)
    celluloid (0.16.0)
      timers (~> 4.0.0)
    chunky_png (1.3.3)
    coderay (1.1.0)
    coffee-script (2.3.0)
      coffee-script-source
      execjs
    coffee-script-source (1.8.0)
    columnize (0.9.0)
    compass (1.0.1)
      chunky_png (~> 1.2)
      compass-core (~> 1.0.1)
      compass-import-once (~> 1.0.5)
      rb-fsevent (>= 0.9.3)
      rb-inotify (>= 0.9)
      sass (>= 3.3.13, < 3.5)
    compass-core (1.0.1)
      multi_json (~> 1.0)
      sass (>= 3.3.0, < 3.5)
    compass-import-once (1.0.5)
      sass (>= 3.2, < 3.5)
    debugger-linecache (1.2.0)
    erubis (2.7.0)
    execjs (2.2.2)
    facter (2.3.0)
      CFPropertyList (~> 2.2.6)
    fedux_org-stdlib (0.11.9)
      activesupport
    ffi (1.9.6)
    github-markup (1.3.1)
      posix-spawn (~> 0.3.8)
    haml (4.0.6)
      tilt
    hike (1.2.3)
    hirb (0.7.2)
    hitimes (1.2.2)
    hooks (0.4.0)
      uber (~> 0.0.4)
    htmlcompressor (0.1.2)
    i18n (0.7.0)
    json (1.8.1)
    kramdown (1.5.0)
    launchy (2.4.3)
      addressable (~> 2.3)
    liquid (3.0.0)
    listen (2.8.4)
      celluloid (>= 0.15.2)
      rb-fsevent (>= 0.9.3)
      rb-inotify (>= 0.9)
    method_source (0.8.2)
    middleman (3.3.7)
      coffee-script (~> 2.2)
      compass (>= 1.0.0, < 2.0.0)
      compass-import-once (= 1.0.5)
      execjs (~> 2.0)
      haml (>= 4.0.5)
      kramdown (~> 1.2)
      middleman-core (= 3.3.7)
      middleman-sprockets (>= 3.1.2)
      sass (>= 3.4.0, < 4.0)
      uglifier (~> 2.5)
    middleman-core (3.3.7)
      activesupport (~> 4.1.0)
      bundler (~> 1.1)
      erubis
      hooks (~> 0.3)
      i18n (~> 0.7.0)
      listen (>= 2.7.9, < 3.0)
      padrino-helpers (~> 0.12.3)
      rack (>= 1.4.5, < 2.0)
      rack-test (~> 0.6.2)
      thor (>= 0.15.2, < 2.0)
      tilt (~> 1.4.1, < 2.0)
    middleman-minify-html (3.4.0)
      htmlcompressor (~> 0.1.0)
      middleman-core (>= 3.2)
    middleman-presentation (0.16.0.rc1)
      middleman-presentation-core (= 0.16.0.rc1)
      middleman-presentation-helpers (= 0.16.0.rc1)
    middleman-presentation-core (0.16.0.rc1)
      addressable (~> 2.3.5)
      bundler
      erubis
      facter
      fedux_org-stdlib (>= 0.11.1)
      hirb
      i18n
      kramdown
      launchy (~> 2.4.2)
      liquid
      middleman (~> 3.3.5)
      middleman-minify-html
      middleman-sprockets (~> 3.3.8)
      nokogiri
      rake
      rouge
      rubyzip (~> 1.1.6)
      tzinfo (>= 0.3.0)
    middleman-presentation-helpers (0.16.0.rc1)
    middleman-sprockets (3.3.10)
      middleman-core (~> 3.3)
      sprockets (~> 2.12.1)
      sprockets-helpers (~> 1.1.0)
      sprockets-sass (~> 1.2.0)
    mini_portile (0.6.2)
    minitest (5.5.0)
    multi_json (1.10.1)
    nokogiri (1.6.5)
      mini_portile (~> 0.6.0)
    padrino-helpers (0.12.4)
      i18n (~> 0.6, >= 0.6.7)
      padrino-support (= 0.12.4)
      tilt (~> 1.4.1)
    padrino-support (0.12.4)
      activesupport (>= 3.1)
    posix-spawn (0.3.9)
    pry (0.10.1)
      coderay (~> 1.1.0)
      method_source (~> 0.8.1)
      slop (~> 3.4)
    pry-byebug (2.0.0)
      byebug (~> 3.4)
      pry (~> 0.10)
    rack (1.6.0)
    rack-test (0.6.2)
      rack (>= 1.0)
    rake (10.4.2)
    rb-fsevent (0.9.4)
    rb-inotify (0.9.5)
      ffi (>= 0.5.0)
    rouge (1.7.7)
    rubyzip (1.1.6)
    sass (3.4.9)
    slop (3.6.0)
    sprockets (2.12.3)
      hike (~> 1.2)
      multi_json (~> 1.0)
      rack (~> 1.0)
      tilt (~> 1.1, != 1.3.0)
    sprockets-helpers (1.1.0)
      sprockets (~> 2.0)
    sprockets-sass (1.2.0)
      sprockets (~> 2.0)
      tilt (~> 1.1)
    thor (0.19.1)
    thread_safe (0.3.4)
    tilt (1.4.1)
    timers (4.0.1)
      hitimes
    tzinfo (1.2.2)
      thread_safe (~> 0.1)
    uber (0.0.12)
    uglifier (2.6.1)
      execjs (>= 0.3.0)
      json (>= 1.8.0)

PLATFORMS
  ruby

DEPENDENCIES
  byebug
  github-markup
  kramdown
  liquid
  middleman-presentation (~> 0.16.0.rc1)
  pry
  pry-byebug
  rake
